GEM
  remote: https://rubygems.org/
  specs:
    asciidoctor (1.5.2)
    awestruct (0.5.5)
      asciidoctor
      bootstrap-sass (~> 3.1.1.0)
      colorize (~> 0.7.1)
      compass (~> 0.12.4)
      compass-960-plugin (~> 0.10.4)
      git (~> 1.2.6)
      guard-livereload (~> 2.1.2)
      haml (~> 4.0.5)
      listen (~> 2.7.1)
      mime-types (~> 2.1)
      nokogiri (~> 1.5.10)
      rack (~> 1.5.2)
      rest-client (~> 1.6.7)
      ruby-s3cmd (~> 0.1.5)
      tilt (~> 2.0.1)
      zurb-foundation (~> 4.3.2)
    bootstrap-sass (3.1.1.1)
      sass (~> 3.2)
    celluloid (0.17.0)
      bundler
      celluloid-essentials
      celluloid-extras
      celluloid-fsm
      celluloid-pool
      celluloid-supervision
      dotenv
      nenv
      rspec-logsplit (>= 0.1.2)
      timers (~> 4.0.0)
    celluloid-essentials (0.20.0)
      bundler
      dotenv
      nenv
      rspec-logsplit (>= 0.1.2)
      timers (~> 4.0.0)
    celluloid-extras (0.20.0)
      bundler
      dotenv
      nenv
      rspec-logsplit (>= 0.1.2)
      timers (~> 4.0.0)
    celluloid-fsm (0.20.0)
      bundler
      dotenv
      nenv
      rspec-logsplit (>= 0.1.2)
      timers (~> 4.0.0)
    celluloid-pool (0.20.0)
      bundler
      dotenv
      nenv
      rspec-logsplit (>= 0.1.2)
      timers (~> 4.0.0)
    celluloid-supervision (0.20.0)
      bundler
      dotenv
      nenv
      rspec-logsplit (>= 0.1.2)
      timers (~> 4.0.0)
    chunky_png (1.3.4)
    coderay (1.1.0)
    coffee-script (2.4.1)
      coffee-script-source
      execjs
    coffee-script-source (1.9.1.1)
    colorize (0.7.7)
    compass (0.12.7)
      chunky_png (~> 1.2)
      fssm (>= 0.2.7)
      sass (~> 3.2.19)
    compass-960-plugin (0.10.4)
      compass (>= 0.10.0)
    dotenv (2.0.2)
    em-websocket (0.5.1)
      eventmachine (>= 0.12.9)
      http_parser.rb (~> 0.6.0)
    eventmachine (1.0.7-java)
    execjs (2.5.2)
    ffi (1.9.10-java)
    formatador (0.2.5)
    fssm (0.2.10)
    git (1.2.9.1)
    guard (2.12.8)
      formatador (>= 0.2.4)
      listen (>= 2.7, <= 4.0)
      lumberjack (~> 1.0)
      nenv (~> 0.1)
      notiffany (~> 0.0)
      pry (>= 0.9.12)
      shellany (~> 0.0)
      thor (>= 0.18.1)
    guard-livereload (2.1.3)
      em-websocket (~> 0.5)
      guard (~> 2.0)
      multi_json (~> 1.8)
    haml (4.0.6)
      tilt
    hitimes (1.2.2-java)
    htmlcompressor (0.2.0)
    http_parser.rb (0.6.0-java)
    json (1.8.3-java)
    kramdown (1.8.0)
    listen (2.7.12)
      celluloid (>= 0.15.2)
      rb-fsevent (>= 0.9.3)
      rb-inotify (>= 0.9)
    lumberjack (1.0.9)
    method_source (0.8.2)
    mime-types (2.6.1)
    multi_json (1.11.2)
    nenv (0.2.0)
    nokogiri (1.5.11-java)
    notiffany (0.0.6)
      nenv (~> 0.1)
      shellany (~> 0.0)
    pry (0.10.1-java)
      coderay (~> 1.1.0)
      method_source (~> 0.8.1)
      slop (~> 3.4)
      spoon (~> 0.0)
    rack (1.5.5)
    rb-fsevent (0.9.5)
    rb-inotify (0.9.5)
      ffi (>= 0.5.0)
    rest-client (1.6.7)
      mime-types (>= 1.16)
    rspec-logsplit (0.1.3)
    ruby-s3cmd (0.1.5)
    sass (3.2.19)
    shellany (0.0.1)
    slop (3.6.0)
    spoon (0.0.4)
      ffi
    thor (0.19.1)
    tilt (2.0.1)
    timers (4.0.1)
      hitimes
    uglifier (2.7.1)
      execjs (>= 0.3.0)
      json (>= 1.8.0)
    webrick (1.3.1)
    zurb-foundation (4.3.2)
      sass (>= 3.2.0)

PLATFORMS
  java

DEPENDENCIES
  asciidoctor (>= 0.1.1)
  awestruct (~> 0.5.3)
  coffee-script (>= 2.2.0)
  htmlcompressor (>= 0.0.3)
  kramdown (>= 0.14.2)
  uglifier (>= 1.3.0)
  webrick (~> 1.3.1)

BUNDLED WITH
   1.10.5
